GEM
  remote: http://rubygems.org/
  specs:
    metaclass (0.0.1)
    mocha (0.10.5)
      metaclass (~> 0.0.1)
    nokogiri (1.5.0)
    rack (1.4.1)
    rack-protection (1.2.0)
      rack
    sinatra (1.3.2)
      rack (~> 1.3, >= 1.3.6)
      rack-protection (~> 1.2)
      tilt (~> 1.3, >= 1.3.3)
    tilt (1.3.3)

PLATFORMS
  ruby

DEPENDENCIES
  mocha
  nokogiri
  sinatra
